PATH
  remote: .
  specs:
    massive_record (0.1.0)
      activemodel
      activesupport
      thrift (>= 0.5.0)

GEM
  remote: http://rubygems.org/
  specs:
    activemodel (3.0.3)
      activesupport (= 3.0.3)
      builder (~> 2.1.2)
      i18n (~> 0.4)
    activesupport (3.0.3)
    builder (2.1.2)
    diff-lcs (1.1.2)
    i18n (0.5.0)
    rspec (2.2.0)
      rspec-core (~> 2.2)
      rspec-expectations (~> 2.2)
      rspec-mocks (~> 2.2)
    rspec-core (2.2.1)
    rspec-expectations (2.2.0)
      diff-lcs (~> 1.1.2)
    rspec-mocks (2.2.0)
    thrift (0.5.0)

PLATFORMS
  ruby

DEPENDENCIES
  activemodel
  activesupport
  massive_record!
  rspec (>= 2.1.0)
  thrift (>= 0.5.0)
