PATH
  remote: .
  specs:
    massive_record (0.0.1)
      thrift (>= 0.5.0)

GEM
  remote: http://rubygems.org/
  specs:
    diff-lcs (1.1.2)
    rspec (2.1.0)
      rspec-core (~> 2.1.0)
      rspec-expectations (~> 2.1.0)
      rspec-mocks (~> 2.1.0)
    rspec-core (2.1.0)
    rspec-expectations (2.1.0)
      diff-lcs (~> 1.1.2)
    rspec-mocks (2.1.0)
    thrift (0.5.0)

PLATFORMS
  ruby

DEPENDENCIES
  massive_record!
  rspec (>= 2.1.0)
  thrift (>= 0.5.0)
